NUGET
  remote: https://nuget.org/api/v2
  specs:
    FSharp.Core (4.0.0.1)
    Suave (0.33.0)
      FSharp.Core (>= 3.1.2.5)
